GEM
  remote: https://rubygems.org/
  specs:
    curses (1.2.4)
    gosu (0.13.1)

PLATFORMS
  ruby

DEPENDENCIES
  curses
  gosu

BUNDLED WITH
   1.15.1
